STORAGE: NONE
RESTRICTION: || (== net6.0) (== netstandard2.0)
NUGET
  remote: https://api.nuget.org/v3/index.json
    Aardvark.Base (5.3.4)
      Aardvark.Base.Telemetry (5.3.4)
      SingleFileExtractor.Core (>= 2.2.1 < 2.3)
      System.Collections.Immutable (>= 8.0)
      System.Reflection.Metadata (>= 8.0)
      System.Text.Json (>= 8.0.4)
    Aardvark.Base.Telemetry (5.3.4)
    Aardvark.Build (1.0.21)
    Aardvark.Data.Durable (0.4.4)
    Aardvark.Data.Durable.Codec (0.4.4)
      Aardvark.Base (>= 5.3 < 5.4)
      Aardvark.Data.Durable (0.4.4)
    coverlet.collector (3.2)
    FSharp.Core (5.0)
    Microsoft.Bcl.AsyncInterfaces (8.0)
      System.Threading.Tasks.Extensions (>= 4.5.4) - restriction: || (&& (== net6.0) (>= net462)) (&& (== net6.0) (< netstandard2.1)) (== netstandard2.0)
    Microsoft.CodeCoverage (17.8) - restriction: || (== net6.0) (&& (== netstandard2.0) (>= net462)) (&& (== netstandard2.0) (>= netcoreapp3.1))
    Microsoft.NET.Test.Sdk (17.4.1)
      Microsoft.CodeCoverage (>= 17.4.1) - restriction: || (== net6.0) (&& (== netstandard2.0) (>= net462)) (&& (== netstandard2.0) (>= netcoreapp3.1))
      Microsoft.TestPlatform.TestHost (>= 17.4.1) - restriction: || (== net6.0) (&& (== netstandard2.0) (>= netcoreapp3.1))
    Microsoft.NETCore.Platforms (7.0.4)
    Microsoft.TestPlatform.ObjectModel (17.8) - restriction: || (== net6.0) (&& (== netstandard2.0) (>= netcoreapp3.1))
      NuGet.Frameworks (>= 6.5)
      System.Reflection.Metadata (>= 1.6)
    Microsoft.TestPlatform.TestHost (17.8) - restriction: || (== net6.0) (&& (== netstandard2.0) (>= netcoreapp3.1))
      Microsoft.TestPlatform.ObjectModel (>= 17.8) - restriction: || (== net6.0) (&& (== netstandard2.0) (>= netcoreapp3.1))
      Newtonsoft.Json (>= 13.0.1) - restriction: || (== net6.0) (&& (== netstandard2.0) (>= netcoreapp3.1))
    NETStandard.Library (2.0.3)
      Microsoft.NETCore.Platforms (>= 1.1)
    Newtonsoft.Json (13.0.3) - restriction: || (== net6.0) (&& (== netstandard2.0) (>= netcoreapp3.1))
    NuGet.Frameworks (6.8) - restriction: || (== net6.0) (&& (== netstandard2.0) (>= netcoreapp3.1))
    SingleFileExtractor.Core (2.2.1)
      System.Memory (>= 4.5.5) - restriction: || (&& (== net6.0) (< netstandard2.1)) (== netstandard2.0)
    System.Buffers (4.5.1) - restriction: || (&& (== net6.0) (>= net462)) (== netstandard2.0)
    System.Collections.Immutable (8.0)
      System.Memory (>= 4.5.5) - restriction: || (&& (== net6.0) (>= net462)) (== netstandard2.0)
      System.Runtime.CompilerServices.Unsafe (>= 6.0)
    System.Memory (4.5.5)
      System.Buffers (>= 4.5.1) - restriction: || (&& (== net6.0) (>= monotouch)) (&& (== net6.0) (>= net461)) (&& (== net6.0) (< netcoreapp2.0)) (&& (== net6.0) (< netstandard1.1)) (&& (== net6.0) (< netstandard2.0)) (&& (== net6.0) (>= xamarinios)) (&& (== net6.0) (>= xamarinmac)) (&& (== net6.0) (>= xamarintvos)) (&& (== net6.0) (>= xamarinwatchos)) (== netstandard2.0)
      System.Numerics.Vectors (>= 4.4) - restriction: || (&& (== net6.0) (< netcoreapp2.0)) (== netstandard2.0)
      System.Runtime.CompilerServices.Unsafe (>= 4.5.3) - restriction: || (&& (== net6.0) (>= monotouch)) (&& (== net6.0) (>= net461)) (&& (== net6.0) (< netcoreapp2.0)) (&& (== net6.0) (< netcoreapp2.1)) (&& (== net6.0) (< netstandard1.1)) (&& (== net6.0) (< netstandard2.0)) (&& (== net6.0) (>= uap10.1)) (&& (== net6.0) (>= xamarinios)) (&& (== net6.0) (>= xamarinmac)) (&& (== net6.0) (>= xamarintvos)) (&& (== net6.0) (>= xamarinwatchos)) (== netstandard2.0)
    System.Numerics.Vectors (4.5) - restriction: || (&& (== net6.0) (>= net462)) (== netstandard2.0)
    System.Reflection.Metadata (8.0)
      System.Collections.Immutable (>= 8.0)
      System.Memory (>= 4.5.5) - restriction: || (&& (== net6.0) (>= net462)) (== netstandard2.0)
    System.Runtime.CompilerServices.Unsafe (6.0)
    System.Text.Encodings.Web (8.0)
      System.Buffers (>= 4.5.1) - restriction: || (&& (== net6.0) (>= net462)) (== netstandard2.0)
      System.Memory (>= 4.5.5) - restriction: || (&& (== net6.0) (>= net462)) (== netstandard2.0)
      System.Runtime.CompilerServices.Unsafe (>= 6.0)
    System.Text.Json (8.0.4)
      Microsoft.Bcl.AsyncInterfaces (>= 8.0) - restriction: || (&& (== net6.0) (>= net462)) (== netstandard2.0)
      System.Buffers (>= 4.5.1) - restriction: || (&& (== net6.0) (>= net462)) (== netstandard2.0)
      System.Memory (>= 4.5.5) - restriction: || (&& (== net6.0) (>= net462)) (== netstandard2.0)
      System.Runtime.CompilerServices.Unsafe (>= 6.0)
      System.Text.Encodings.Web (>= 8.0)
      System.Threading.Tasks.Extensions (>= 4.5.4) - restriction: || (&& (== net6.0) (>= net462)) (== netstandard2.0)
    System.Threading.Tasks.Extensions (4.5.4) - restriction: || (&& (== net6.0) (>= net462)) (== netstandard2.0)
      System.Runtime.CompilerServices.Unsafe (>= 4.5.3) - restriction: || (&& (== net6.0) (>= net461)) (&& (== net6.0) (< netcoreapp2.1)) (&& (== net6.0) (< netstandard1.0)) (&& (== net6.0) (< netstandard2.0)) (&& (== net6.0) (>= wp8)) (== netstandard2.0)
    Uncodium.SimpleStore (3.0.30)
      Microsoft.Bcl.AsyncInterfaces (>= 6.0)
      System.Memory (>= 4.5)
    xunit (2.4.2)
      xunit.analyzers (>= 1.0)
      xunit.assert (>= 2.4.2)
      xunit.core (2.4.2)
    xunit.abstractions (2.0.3)
    xunit.analyzers (1.10)
    xunit.assert (2.6.6)
    xunit.core (2.4.2)
      xunit.extensibility.core (2.4.2)
      xunit.extensibility.execution (2.4.2)
    xunit.extensibility.core (2.4.2)
      NETStandard.Library (>= 1.6.1)
      xunit.abstractions (>= 2.0.3)
    xunit.extensibility.execution (2.4.2)
      NETStandard.Library (>= 1.6.1)
      xunit.extensibility.core (2.4.2)
    xunit.runner.visualstudio (2.4.5)
